GEM
  specs:
    hashie (3.4.2)
    macaddr (1.7.1)
      systemu (~> 2.6.2)
    mini_portile (0.6.2)
    nokogiri (1.6.6.2)
      mini_portile (~> 0.6.0)
    omniauth (1.2.2)
      hashie (>= 1.2, < 4)
      rack (~> 1.0)
    omniauth-saml-cespi (1.3.1)
      omniauth (~> 1.1)
      ruby-saml (~> 0.9)
    rack (1.6.4)
    ruby-saml (0.9.2)
      nokogiri (>= 1.5.10)
      uuid (~> 2.3)
    systemu (2.6.5)
    uuid (2.3.8)
      macaddr (~> 1.0)

PLATFORMS
  ruby

DEPENDENCIES
  omniauth (>= 1.2.2)
  omniauth-saml-cespi (~> 1.3.1)
  ruby-saml (~> 0.9.2)
